GEM
  remote: https://rubygems.org/
  specs:
    atk (3.1.1)
      glib2 (= 3.1.1)
    cairo (1.15.5)
      pkg-config (>= 1.1.5)
    gdk_pixbuf2 (3.1.1)
      gio2 (= 3.1.1)
    gio2 (3.1.1)
      glib2 (= 3.1.1)
      gobject-introspection (= 3.1.1)
    glib2 (3.1.1)
      pkg-config
    gobject-introspection (3.1.1)
      glib2 (= 3.1.1)
    gtk2 (3.1.1)
      atk (= 3.1.1)
      gdk_pixbuf2 (= 3.1.1)
      pango (= 3.1.1)
    gtksourceview2 (3.1.1)
      gtk2 (= 3.1.1)
    pango (3.1.1)
      cairo (>= 1.14.0)
      glib2 (= 3.1.1)
    pkg-config (1.1.7)
    rdoc (5.1.0)
    require_all (1.4.0)
    visualruby (1.0.19)
      gtksourceview2 (>= 2.1.0)
      rdoc
      vrlib (= 1.0.19)
    vrlib (1.0.19)
      gtk2 (>= 2.24.0)
      require_all (>= 1.2.1)

PLATFORMS
  ruby

DEPENDENCIES
  visualruby (~> 1.0, >= 1.0.16)

RUBY VERSION
   ruby 2.2.5p319

BUNDLED WITH
   1.14.6
